PATH
  remote: .
  specs:
    stomping_ground (0.10)
      celluloid-io

GEM
  remote: http://rubygems.org/
  specs:
    celluloid (0.12.4)
      facter (>= 1.6.12)
      timers (>= 1.0.0)
    celluloid-io (0.12.1)
      celluloid (~> 0.12.0)
      nio4r (>= 0.4.0)
    coderay (1.0.8)
    diff-lcs (1.1.3)
    facter (1.6.17)
    json (1.7.5)
    method_source (0.8.1)
    nio4r (0.4.3)
    onstomp (1.0.7)
    pry (0.9.10)
      coderay (~> 1.0.5)
      method_source (~> 0.8)
      slop (~> 3.3.1)
    rake (0.9.2.2)
    rspec (2.11.0)
      rspec-core (~> 2.11.0)
      rspec-expectations (~> 2.11.0)
      rspec-mocks (~> 2.11.0)
    rspec-core (2.11.1)
    rspec-expectations (2.11.3)
      diff-lcs (~> 1.1.3)
    rspec-mocks (2.11.3)
    slop (3.3.3)
    timers (1.0.2)

PLATFORMS
  ruby

DEPENDENCIES
  json
  onstomp
  pry
  rake
  rspec
  stomping_ground!
